GEM
  remote: https://rubygems.org/
  specs:
    aws-eventstream (1.3.0)
    aws-partitions (1.947.0)
    aws-sdk-core (3.199.0)
      aws-eventstream (~> 1, >= 1.3.0)
      aws-partitions (~> 1, >= 1.651.0)
      aws-sigv4 (~> 1.8)
      jmespath (~> 1, >= 1.6.1)
    aws-sdk-kms (1.87.0)
      aws-sdk-core (~> 3, >= 3.199.0)
      aws-sigv4 (~> 1.1)
    aws-sdk-s3 (1.154.0)
      aws-sdk-core (~> 3, >= 3.199.0)
      aws-sdk-kms (~> 1)
      aws-sigv4 (~> 1.8)
    aws-sigv4 (1.8.0)
      aws-eventstream (~> 1, >= 1.0.2)
    base64 (0.2.0)
    bigdecimal (3.1.8)
    coderay (1.1.3)
    jmespath (1.6.2)
    method_source (1.1.0)
    nokogiri (1.16.6-x64-mingw-ucrt)
      racc (~> 1.4)
    pry (0.14.2)
      coderay (~> 1.1)
      method_source (~> 1.0)
    racc (1.8.0)

PLATFORMS
  x64-mingw-ucrt

DEPENDENCIES
  aws-sdk-s3
  base64
  bigdecimal
  nokogiri
  pry

BUNDLED WITH
   2.5.11
